GEM
  remote: https://rubygems.org/
  specs:
    pg (0.18.1)
    puma (2.11.2)
      rack (>= 1.1, < 2.0)
    que (0.10.0)
    rack (1.6.0)
    rack-server-pages (0.0.6)
      rack
    rack-test (0.6.3)
      rack (>= 1.0)
    rake (10.4.2)
    sequel (4.21.0)
    settingslogic (2.0.9)

PLATFORMS
  ruby

DEPENDENCIES
  pg
  puma
  que
  rack-server-pages
  rack-test
  rake
  sequel
  settingslogic
