GEM
  remote: https://rubygems.org/
  specs:
    pg (0.18.1)
    rake (10.4.2)
    sequel (4.21.0)
    settingslogic (2.0.9)
    sqlite3 (1.3.10)

PLATFORMS
  ruby

DEPENDENCIES
  pg
  rake
  sequel
  settingslogic
  sqlite3
