GEM
  remote: https://rubygems.org/
  specs:
    celluloid (0.16.0)
      timers (~> 4.0.0)
    hitimes (1.2.2)
    pg (0.18.1)
    puma (2.11.2)
      rack (>= 1.1, < 2.0)
    rack (1.6.0)
    rack-server-pages (0.0.6)
      rack
    rake (10.4.2)
    sequel (4.21.0)
    settingslogic (2.0.9)
    sqlite3 (1.3.10)
    sucker_punch (1.4.0)
      celluloid (~> 0.16.0)
    timers (4.0.1)
      hitimes

PLATFORMS
  ruby

DEPENDENCIES
  pg
  puma
  rack-server-pages
  rake
  sequel
  settingslogic
  sqlite3
  sucker_punch (~> 1.0)
