GEM
  remote: https://rubygems.org/
  specs:
    diff-lcs (1.3)
    docile (1.1.5)
    json (2.0.3)
    nio4r (2.5.2)
    pg (0.19.0)
    puma (4.3.3)
      nio4r (~> 2.0)
    que (0.12.1)
    rack (2.0.1)
    rack-server-pages (0.1.0)
      rack
    rack-test (0.6.3)
      rack (>= 1.0)
    rake (13.0.1)
    rspec (3.5.0)
      rspec-core (~> 3.5.0)
      rspec-expectations (~> 3.5.0)
      rspec-mocks (~> 3.5.0)
    rspec-core (3.5.4)
      rspec-support (~> 3.5.0)
    rspec-expectations (3.5.0)
      diff-lcs (>= 1.2.0, < 2.0)
      rspec-support (~> 3.5.0)
    rspec-mocks (3.5.0)
      diff-lcs (>= 1.2.0, < 2.0)
      rspec-support (~> 3.5.0)
    rspec-support (3.5.0)
    sequel (4.43.0)
    settingslogic (2.0.9)
    simplecov (0.13.0)
      docile (~> 1.1.0)
      json (>= 1.8, < 3)
      simplecov-html (~> 0.10.0)
    simplecov-html (0.10.0)

PLATFORMS
  ruby

DEPENDENCIES
  pg
  puma (>= 3.12.2)
  que
  rack-server-pages
  rack-test
  rake (>= 12.3.3)
  rspec
  sequel
  settingslogic
  simplecov

RUBY VERSION
   ruby 2.3.1p112

BUNDLED WITH
   1.17.3
